Brain Vision Data Exchange Header File Version 1.0
; Data created by the actiCHamp PyCorder

[Common Infos]
Codepage=UTF-8
DataFile=TCOA_101_EC.eeg
MarkerFile=TCOA_101_EC.vmrk
DataFormat=BINARY
; Data orientation: MULTIPLEXED=ch1,pt1, ch2,pt1 ...
DataOrientation=MULTIPLEXED
NumberOfChannels=72
; Sampling interval in microseconds
SamplingInterval=1000

[Binary Infos]
BinaryFormat=IEEE_FLOAT_32

[Channel Infos]
; Each entry: Ch<Channel number>=<Name>,<Reference channel name>,
; <Scaling factor in "Unit">,<Unit>, Future extensions..
; Fields are delimited by commas, some fields might be omitted (empty).
; Commas in channel names are coded as "\1".
Ch1=Ch1,,1.0,µV
Ch2=Ch2,,1.0,µV
Ch3=Ch3,,1.0,µV
Ch4=Ch4,,1.0,µV
Ch5=Ch5,,1.0,µV
Ch6=Ch6,,1.0,µV
Ch7=Ch7,,1.0,µV
Ch8=Ch8,,1.0,µV
Ch9=Ch9,,1.0,µV
Ch10=Ch10,,1.0,µV
Ch11=Ch11,,1.0,µV
Ch12=Ch12,,1.0,µV
Ch13=Ch13,,1.0,µV
Ch14=Ch14,,1.0,µV
Ch15=Ch15,,1.0,µV
Ch16=Ch16,,1.0,µV
Ch17=Ch17,,1.0,µV
Ch18=Ch18,,1.0,µV
Ch19=Ch19,,1.0,µV
Ch20=Ch20,,1.0,µV
Ch21=Ch21,,1.0,µV
Ch22=Ch22,,1.0,µV
Ch23=Ch23,,1.0,µV
Ch24=Ch24,,1.0,µV
Ch25=Ch25,,1.0,µV
Ch26=Ch26,,1.0,µV
Ch27=Ch27,,1.0,µV
Ch28=Ch28,,1.0,µV
Ch29=Ch29,,1.0,µV
Ch30=Ch30,,1.0,µV
Ch31=Ch31,,1.0,µV
Ch32=Ch32,,1.0,µV
Ch33=Ch33,,1.0,µV
Ch34=Ch34,,1.0,µV
Ch35=Ch35,,1.0,µV
Ch36=Ch36,,1.0,µV
Ch37=Ch37,,1.0,µV
Ch38=Ch38,,1.0,µV
Ch39=Ch39,,1.0,µV
Ch40=Ch40,,1.0,µV
Ch41=Ch41,,1.0,µV
Ch42=Ch42,,1.0,µV
Ch43=Ch43,,1.0,µV
Ch44=Ch44,,1.0,µV
Ch45=Ch45,,1.0,µV
Ch46=Ch46,,1.0,µV
Ch47=Ch47,,1.0,µV
Ch48=Ch48,,1.0,µV
Ch49=Ch49,,1.0,µV
Ch50=Ch50,,1.0,µV
Ch51=Ch51,,1.0,µV
Ch52=Ch52,,1.0,µV
Ch53=Ch53,,1.0,µV
Ch54=Ch54,,1.0,µV
Ch55=Ch55,,1.0,µV
Ch56=Ch56,,1.0,µV
Ch57=Ch57,,1.0,µV
Ch58=Ch58,,1.0,µV
Ch59=Ch59,,1.0,µV
Ch60=Ch60,,1.0,µV
Ch61=Ch61,,1.0,µV
Ch62=Ch62,,1.0,µV
Ch63=Ch63,,1.0,µV
Ch64=Ch64,,1.0,µV
Ch65=Aux1,,1.0,µV
Ch66=Aux2,,1.0,µV
Ch67=Aux3,,1.0,µV
Ch68=Aux4,,1.0,µV
Ch69=Aux5,,1.0,µV
Ch70=Aux6,,1.0,µV
Ch71=Aux7,,1.0,µV
Ch72=Aux8,,1.0,µV

[Comment]
PyCorder V1.0.7

Amplifier
actiCHamp (5001) SN: 14010257
Module 1  (5010) SN: 14010519
Module 2  (5010) SN: 14010520
Module 3  n.a.
Module 4  n.a.
Module 5  n.a.
Version: DLL_22.13.11.14, DRV_03.04.01.146, CTRL_04.11.04.28, FPGA_44.00.00.00, DSP_06.11.05.25



Reference channel: none

Impedance [KOhm] at 12:35:07 (recording started at 12:38:18)
  1 Ch1: 20
  2 Ch2: 2
  3 Ch3: 21
  4 Ch4: 5
  5 Ch5: 4
  6 Ch6: 12
  7 Ch7: 14
  8 Ch8: 18
  9 Ch9: 22
 10 Ch10: 5
 11 Ch11: 22
 12 Ch12: 14
 13 Ch13: 25
 14 Ch14: 19
 15 Ch15: 18
 16 Ch16: 27
 17 Ch17: 18
 18 Ch18: 8
 19 Ch19: 16
 20 Ch20: 9
 21 Ch21: 38
 22 Ch22: 3
 23 Ch23: 15
 24 Ch24: 14
 25 Ch25: 4
 26 Ch26: 1
 27 Ch27: 6
 28 Ch28: 5
 29 Ch29: 1
 30 Ch30: 4
 31 Ch31: 5
 32 Ch32: 15
 33 Ch33: 5
 34 Ch34: 14
 35 Ch35: 5
 36 Ch36: 5
 37 Ch37: 2
 38 Ch38: 20
 39 Ch39: 1
 40 Ch40: 8
 41 Ch41: 22
 42 Ch42: 27
 43 Ch43: 4
 44 Ch44: 12
 45 Ch45: 1
 46 Ch46: 24
 47 Ch47: 17
 48 Ch48: 26
 49 Ch49: 27
 50 Ch50: 1
 51 Ch51: 14
 52 Ch52: 19
 53 Ch53: 21
 54 Ch54: 15
 55 Ch55: 2
 56 Ch56: 2
 57 Ch57: 13
 58 Ch58: 3
 59 Ch59: 0
 60 Ch60: 0
 61 Ch61: 5
 62 Ch62: 2
 63 Ch63: 1
 64 Ch64: 2
GND: 12
